GIT
  remote: https://github.com/postrank-labs/goliath.git
  revision: 3234e7e40ec06a2417570dd1ba3e466bcae0c5f9
  specs:
    goliath (0.9.1)
      async-rack
      em-synchrony (>= 0.3.0.beta.1)
      eventmachine (>= 1.0.0.beta.3)
      http_parser.rb
      http_router (~> 0.8.9)
      log4r
      multi_json
      rack (>= 1.2.2)
      rack-contrib
      rack-respond_to

GIT
  remote: https://github.com/thuss/standalone-migrations.git
  revision: 5722efd42fadd577d2334365a534558dd546314f
  specs:
    standalone_migrations (0.4.10)
      activerecord
      rake

GEM
  remote: http://rubygems.org/
  specs:
    activemodel (3.0.9)
      activesupport (= 3.0.9)
      builder (~> 2.1.2)
      i18n (~> 0.5.0)
    activerecord (3.0.9)
      activemodel (= 3.0.9)
      activesupport (= 3.0.9)
      arel (~> 2.0.10)
      tzinfo (~> 0.3.23)
    activesupport (3.0.9)
    arel (2.0.10)
    async-rack (0.5.1)
      rack (~> 1.1)
    builder (2.1.2)
    em-synchrony (0.3.0.beta.1)
      eventmachine (>= 1.0.0.beta.1)
    eventmachine (1.0.0.beta.3)
    http_parser.rb (0.5.1)
    http_router (0.8.10)
      rack (>= 1.0.0)
      url_mount (~> 0.2.1)
    i18n (0.5.0)
    log4r (1.1.9)
    multi_json (1.0.3)
    mysql2 (0.2.11)
    rack (1.3.0)
    rack-accept-media-types (0.9)
    rack-contrib (1.1.0)
      rack (>= 0.9.1)
    rack-respond_to (0.9.8)
      rack-accept-media-types (>= 0.6)
    rake (0.9.2)
    tzinfo (0.3.29)
    url_mount (0.2.1)
      rack
    yajl-ruby (0.8.2)

PLATFORMS
  ruby

DEPENDENCIES
  activerecord (~> 3.0.7)
  goliath!
  mysql2 (~> 0.2.11)
  standalone_migrations!
  yajl-ruby
